GEM
  remote: https://rubygems.org/
  specs:
    algorithms (0.6.1)

PLATFORMS
  ruby

DEPENDENCIES
  algorithms (~> 0.6.1)

BUNDLED WITH
   1.17.1
